GEM
  remote: http://rubygems.org/
  specs:
    builder (3.0.0)
    childprocess (0.2.4)
      ffi (~> 1.0.6)
    cucumber (1.1.4)
      builder (>= 2.1.2)
      diff-lcs (>= 1.1.2)
      gherkin (~> 2.7.1)
      json (>= 1.4.6)
      term-ansicolor (>= 1.0.6)
    cuporter (0.3.14)
      gherkin (>= 1.0.0)
      nokogiri (>= 1.4.1)
    diff-lcs (1.1.3)
    ffi (1.0.11)
    ffi (1.0.11-java)
    gherkin (2.7.1)
      json (>= 1.4.6)
    gherkin (2.7.1-java)
      json (>= 1.4.6)
    gherkin (2.7.1-x86-mingw32)
      json (>= 1.4.6)
    headless (0.2.2)
    json (1.6.4)
    json (1.6.4-java)
    multi_json (1.0.4)
    nokogiri (1.5.0)
    nokogiri (1.5.0-java)
    nokogiri (1.5.0-x86-mingw32)
    rake (0.9.2.2)
    rdiscount (1.6.8)
    rspec (2.7.0)
      rspec-core (~> 2.7.0)
      rspec-expectations (~> 2.7.0)
      rspec-mocks (~> 2.7.0)
    rspec-core (2.7.1)
    rspec-expectations (2.7.0)
      diff-lcs (~> 1.1.2)
    rspec-mocks (2.7.0)
    rubyzip (0.9.5)
    selenium-webdriver (2.15.0)
      childprocess (>= 0.2.1)
      ffi (~> 1.0.9)
      multi_json (~> 1.0.4)
      rubyzip
    term-ansicolor (1.0.7)
    watir-page-helper (0.4.0)
      watir-webdriver (>= 0.2.0)
    watir-webdriver (0.4.1)
      selenium-webdriver (>= 2.12.0)
    watir-webdriver-performance (0.1.3.1)
      watir-webdriver
      watir-webdriver
    yard (0.7.4)
    yard-cucumber (2.1.7)
      cucumber (>= 0.7.5)
      gherkin (>= 2.2.9)
      yard (>= 0.7.0)

PLATFORMS
  java
  ruby
  x86-mingw32

DEPENDENCIES
  cucumber (> 0.0)
  cuporter (> 0.0)
  headless (> 0.0)
  rake
  rdiscount
  rspec (> 0.0)
  watir-page-helper (> 0.0)
  watir-webdriver (> 0.2.4)
  watir-webdriver-performance (> 0.1.2)
  yard-cucumber
